GEM
  remote: https://rubygems.org/
  specs:
    breakpoint (2.7.0)
      sass (~> 3.3)
      sassy-maps (< 1.0.0)
    celluloid (0.16.0)
      timers (~> 4.0.0)
    chunky_png (1.3.5)
    compass (1.0.3)
      chunky_png (~> 1.2)
      compass-core (~> 1.0.2)
      compass-import-once (~> 1.0.5)
      rb-fsevent (>= 0.9.3)
      rb-inotify (>= 0.9)
      sass (>= 3.3.13, < 3.5)
    compass-core (1.0.3)
      multi_json (~> 1.0)
      sass (>= 3.3.0, < 3.5)
    compass-import-once (1.0.5)
      sass (>= 3.2, < 3.5)
    daemons (1.2.3)
    diff-lcs (1.2.5)
    eventmachine (1.2.0.1)
    ffi (1.9.10)
    fontcustom (1.3.8)
      json (~> 1.4)
      listen (>= 1.0, < 3.0)
      thor (~> 0.14)
    hitimes (1.2.3)
    httparty (0.13.7)
      json (~> 1.8)
      multi_xml (>= 0.5.2)
    json (1.8.3)
    listen (2.10.1)
      celluloid (~> 0.16.0)
      rb-fsevent (>= 0.9.3)
      rb-inotify (>= 0.9)
    modular-scale (2.1.1)
      compass (>= 0.12.0)
    multi_json (1.11.2)
    multi_xml (0.5.5)
    normalize-scss (4.0.3)
      sass (~> 3.3)
      support-for (~> 1.0)
    rack (1.6.4)
    rack-protection (1.5.3)
      rack
    rack-rewrite (1.5.1)
    rb-fsevent (0.9.7)
    rb-inotify (0.9.7)
      ffi (>= 0.5.0)
    rspec (3.4.0)
      rspec-core (~> 3.4.0)
      rspec-expectations (~> 3.4.0)
      rspec-mocks (~> 3.4.0)
    rspec-core (3.4.4)
      rspec-support (~> 3.4.0)
    rspec-expectations (3.4.0)
      diff-lcs (>= 1.2.0, < 2.0)
      rspec-support (~> 3.4.0)
    rspec-mocks (3.4.1)
      diff-lcs (>= 1.2.0, < 2.0)
      rspec-support (~> 3.4.0)
    rspec-support (3.4.1)
    sass (3.4.22)
    sass-css-importer (1.0.0.beta.0)
      sass (>= 3.1)
    sassy-buttons (0.2.6)
      compass (>= 0.12.2)
    sassy-maps (0.4.0)
      sass (~> 3.3)
    shotgun (0.9.1)
      rack (>= 1.0)
    sinatra (1.4.7)
      rack (~> 1.5)
      rack-protection (~> 1.4)
      tilt (>= 1.3, < 3)
    support-for (1.0.5)
      sass (~> 3.3)
    susy (2.2.12)
      sass (>= 3.3.0, < 3.5)
    thin (1.6.4)
      daemons (~> 1.0, >= 1.0.9)
      eventmachine (~> 1.0, >= 1.0.4)
      rack (~> 1.0)
    thor (0.19.1)
    tilt (2.0.2)
    timers (4.0.4)
      hitimes

PLATFORMS
  ruby

DEPENDENCIES
  breakpoint
  compass
  fontcustom
  httparty
  modular-scale
  normalize-scss
  rack-rewrite
  rspec
  sass
  sass-css-importer
  sassy-buttons
  shotgun
  sinatra
  susy
  thin

BUNDLED WITH
   1.11.2
